GEM
  remote: https://rubygems.org/
  specs:
    chunky_png (1.3.8)
    mini_portile2 (2.1.0)
    nokogiri (1.7.2-x64-mingw32)
      mini_portile2 (~> 2.1.0)
    nokogiri (1.7.2-x86-mingw32)
      mini_portile2 (~> 2.1.0)
    oily_png (1.2.1)
      chunky_png (~> 1.3.7)
    qtbindings (4.8.6.3-x64-mingw32)
      qtbindings-qt (~> 4.8.6.0)
    qtbindings (4.8.6.3-x86-mingw32)
      qtbindings-qt (~> 4.8.6.0)
    qtbindings-qt (4.8.6.3-x64-mingw32)
    qtbindings-qt (4.8.6.3-x86-mingw32)
    rubyzip (1.2.1)
    unicode_japanese (0.3)

PLATFORMS
  x64-mingw32
  x86-mingw32

DEPENDENCIES
  nokogiri
  oily_png
  qtbindings (= 4.8.6.3)
  qtbindings-qt (= 4.8.6.3)
  rubyzip
  unicode_japanese

BUNDLED WITH
   1.16.1
